PATH
  remote: .
  specs:
    s3_zipper (0.1.0)
      aws-sdk (~> 2)
      ruby-progressbar
      rubyzip

GEM
  remote: https://rubygems.org/
  specs:
    aws-eventstream (1.0.2)
    aws-sdk (2.11.260)
      aws-sdk-resources (= 2.11.260)
    aws-sdk-core (2.11.260)
      aws-sigv4 (~> 1.0)
      jmespath (~> 1.0)
    aws-sdk-resources (2.11.260)
      aws-sdk-core (= 2.11.260)
    aws-sigv4 (1.1.0)
      aws-eventstream (~> 1.0, >= 1.0.2)
    diff-lcs (1.3)
    jmespath (1.4.0)
    rake (10.5.0)
    rake-compiler (1.0.7)
      rake
    rspec (3.8.0)
      rspec-core (~> 3.8.0)
      rspec-expectations (~> 3.8.0)
      rspec-mocks (~> 3.8.0)
    rspec-core (3.8.0)
      rspec-support (~> 3.8.0)
    rspec-expectations (3.8.3)
      diff-lcs (>= 1.2.0, < 2.0)
      rspec-support (~> 3.8.0)
    rspec-mocks (3.8.0)
      diff-lcs (>= 1.2.0, < 2.0)
      rspec-support (~> 3.8.0)
    rspec-support (3.8.0)
    ruby-progressbar (1.10.0)
    rubyzip (1.2.2)

PLATFORMS
  ruby

DEPENDENCIES
  bundler (~> 2.0)
  rake (~> 10.0)
  rake-compiler
  rspec (~> 3.0)
  s3_zipper!

BUNDLED WITH
   2.0.1
